GEM
  remote: https://rubygems.org/
  specs:
    ast (2.3.0)
    backports (3.7.0)
    diff-lcs (1.3)
    multi_json (1.12.1)
    mustermann (1.0.0)
    parser (2.4.0.0)
      ast (~> 2.2)
    powerpack (0.1.1)
    rack (2.0.1)
    rack-protection (2.0.0.rc2)
      rack
    rainbow (2.2.1)
    rspec (3.5.0)
      rspec-core (~> 3.5.0)
      rspec-expectations (~> 3.5.0)
      rspec-mocks (~> 3.5.0)
    rspec-core (3.5.4)
      rspec-support (~> 3.5.0)
    rspec-expectations (3.5.0)
      diff-lcs (>= 1.2.0, < 2.0)
      rspec-support (~> 3.5.0)
    rspec-mocks (3.5.0)
      diff-lcs (>= 1.2.0, < 2.0)
      rspec-support (~> 3.5.0)
    rspec-support (3.5.0)
    rubocop (0.48.1)
      parser (>= 2.3.3.1, < 3.0)
      powerpack (~> 0.1)
      rainbow (>= 1.99.1, < 3.0)
      ruby-progressbar (~> 1.7)
      unicode-display_width (~> 1.0, >= 1.0.1)
    ruby-progressbar (1.8.1)
    sinatra (2.0.0.rc2)
      mustermann (= 1.0.0)
      rack (~> 2.0)
      rack-protection (= 2.0.0.rc2)
      tilt (~> 2.0)
    sinatra-contrib (2.0.0.rc2)
      backports (>= 2.0)
      multi_json
      mustermann (= 1.0.0)
      rack-protection (= 2.0.0.rc2)
      sinatra (= 2.0.0.rc2)
      tilt (>= 1.3, < 3)
    tilt (2.0.7)
    unicode-display_width (1.1.3)

PLATFORMS
  ruby

DEPENDENCIES
  rspec
  rubocop
  sinatra (~> 2.0.0.rc2)
  sinatra-contrib (~> 2.0.0.rc2)

RUBY VERSION
   ruby 2.4.0p0

BUNDLED WITH
   1.14.6
